GEM
  remote: http://rubygems.org/
  specs:
    activemodel (3.1.1)
      activesupport (= 3.1.1)
      builder (~> 3.0.0)
      i18n (~> 0.6)
    activerecord (3.1.1)
      activemodel (= 3.1.1)
      activesupport (= 3.1.1)
      arel (~> 2.2.1)
      tzinfo (~> 0.3.29)
    activesupport (3.1.1)
      multi_json (~> 1.0)
    addressable (2.2.6)
    arel (2.2.1)
    builder (3.0.0)
    feedtools (0.2.29)
      activerecord (>= 1.10.1)
      builder (>= 1.2.4)
      uuidtools (>= 1.0.0)
    haml (3.1.3)
    i18n (0.6.0)
    json (1.6.1)
    multi_json (1.0.3)
    nokogiri (1.5.0)
    rack (1.2.1)
    ruby-openid (2.1.8)
    sass (3.1.10)
    sequel (3.29.0)
    sinatra (1.2.7)
      rack (~> 1.1)
      tilt (>= 1.2.2, < 2.0)
    sqlite3-ruby (1.2.5)
    tilt (1.3.3)
    tzinfo (0.3.30)
    uuidtools (2.1.2)

PLATFORMS
  ruby

DEPENDENCIES
  addressable
  feedtools
  haml
  json
  nokogiri
  rack (= 1.2.1)
  ruby-openid
  sass
  sequel
  sinatra
  sqlite3-ruby (= 1.2.5)
  uuidtools
