GEM
  remote: http://rubygems.org/
  specs:
    activemodel (6.0.0)
      activesupport (= 6.0.0)
    activerecord (6.0.0)
      activemodel (= 6.0.0)
      activesupport (= 6.0.0)
    activesupport (6.0.0)
      concurrent-ruby (~> 1.0, >= 1.0.2)
      i18n (>= 0.7, < 2)
      minitest (~> 5.1)
      tzinfo (~> 1.1)
      zeitwerk (~> 2.1, >= 2.1.8)
    addressable (2.2.6)
    bacon (1.2.0)
    builder (3.2.3)
    concurrent-ruby (1.1.5)
    feedtools (0.2.29)
      activerecord (>= 1.10.1)
      builder (>= 1.2.4)
      uuidtools (>= 1.0.0)
    haml (3.1.3)
    i18n (1.7.0)
      concurrent-ruby (~> 1.0)
    mini_portile2 (2.4.0)
    minitest (5.12.2)
    nokogiri (1.10.4)
      mini_portile2 (~> 2.4.0)
    rack (1.6.11)
    rack-protection (1.5.5)
      rack
    rake (10.3.2)
    ruby-openid (2.1.8)
    rubypants (0.2.0)
    sass (3.1.18)
    sequel (3.29.0)
    sinatra (1.4.8)
      rack (~> 1.5)
      rack-protection (~> 1.4)
      tilt (>= 1.3, < 3)
    sqlite3-ruby (1.2.5)
    thread_safe (0.3.6)
    tilt (2.0.9)
    tzinfo (1.2.5)
      thread_safe (~> 0.1)
    uuidtools (2.1.2)
    zeitwerk (2.2.0)

PLATFORMS
  ruby

DEPENDENCIES
  addressable
  bacon
  feedtools
  haml
  nokogiri
  rack
  rake
  ruby-openid
  rubypants
  sass
  sequel
  sinatra (~> 1.4)
  sqlite3-ruby
  uuidtools

BUNDLED WITH
   1.17.2
