GEM
  remote: http://rubygems.org/
  specs:
    activemodel (3.0.3)
      activesupport (= 3.0.3)
      builder (~> 2.1.2)
      i18n (~> 0.4)
    activerecord (3.0.3)
      activemodel (= 3.0.3)
      activesupport (= 3.0.3)
      arel (~> 2.0.2)
      tzinfo (~> 0.3.23)
    activesupport (3.0.3)
    addressable (2.2.4)
    arel (2.0.7)
    builder (2.1.2)
    feedtools (0.2.29)
      activerecord (>= 1.10.1)
      builder (>= 1.2.4)
      uuidtools (>= 1.0.0)
    haml (3.0.25)
    i18n (0.5.0)
    json (1.5.1)
    nokogiri (1.4.4)
    rack (1.2.1)
    ruby-openid (2.1.8)
    sequel (3.20.0)
    sinatra (1.1.2)
      rack (~> 1.1)
      tilt (~> 1.2)
    sqlite3-ruby (1.2.5)
    tilt (1.2.2)
    tzinfo (0.3.24)
    uuidtools (2.1.2)

PLATFORMS
  ruby

DEPENDENCIES
  addressable
  feedtools
  haml
  json
  nokogiri
  ruby-openid
  sequel
  sinatra
  sqlite3-ruby (= 1.2.5)
  uuidtools
